GEM
  remote: https://rubygems.org/
  specs:
    cgi (0.3.1)
    daemons (1.4.1)
    erb (2.2.3)
      cgi
    eventmachine (1.2.7)
    rack (2.2.3)
    thin (1.8.1)
      daemons (~> 1.0, >= 1.0.9)
      eventmachine (~> 1.0, >= 1.0.4)
      rack (>= 1, < 3)

PLATFORMS
  x86_64-linux

DEPENDENCIES
  erb
  rack
  thin

RUBY VERSION
   ruby 3.1.0p0

BUNDLED WITH
   2.3.5
